GIT
  remote: https://github.com/karafka/karafka
  revision: 22208e0416ac59a9257fce7452cffaf3fda14ffd
  specs:
    karafka (1.3.0)
      dry-configurable (~> 0.8)
      dry-inflector (~> 0.1)
      dry-monitor (~> 0.3)
      dry-validation (~> 0.11)
      envlogic (~> 1.0)
      multi_json (>= 1.12)
      rake (>= 11.3)
      require_all (>= 1.4)
      ruby-kafka (>= 0.7.1)
      thor (~> 0.20)
      waterdrop (~> 1.3)

GIT
  remote: https://github.com/karafka/waterdrop
  revision: e586bc8cd80783df77881377602db5542d31d62f
  specs:
    waterdrop (1.3.0)
      delivery_boy (~> 0.2)
      dry-configurable (~> 0.8)
      dry-monitor (~> 0.3)
      dry-validation (~> 0.11)
      ruby-kafka (>= 0.7.1)

PATH
  remote: .
  specs:
    capistrano-karafka (1.3.0)
      capistrano (>= 3.9)
      capistrano-bundler (>= 1.2)
      karafka (~> 1.3)

GEM
  remote: https://rubygems.org/
  specs:
    airbrussh (1.3.1)
      sshkit (>= 1.6.1, != 1.7.0)
    capistrano (3.11.0)
      airbrussh (>= 1.0.0)
      i18n
      rake (>= 10.0.0)
      sshkit (>= 1.9.0)
    capistrano-bundler (1.5.0)
      capistrano (~> 3.1)
    concurrent-ruby (1.1.5)
    delivery_boy (0.2.7)
      king_konf (~> 0.2)
      ruby-kafka (~> 0.5)
    digest-crc (0.4.1)
    dry-configurable (0.8.2)
      concurrent-ruby (~> 1.0)
      dry-core (~> 0.4, >= 0.4.7)
    dry-container (0.7.0)
      concurrent-ruby (~> 1.0)
      dry-configurable (~> 0.1, >= 0.1.3)
    dry-core (0.4.7)
      concurrent-ruby (~> 1.0)
    dry-equalizer (0.2.2)
    dry-events (0.1.1)
      concurrent-ruby (~> 1.0)
      dry-core (~> 0.4)
      dry-equalizer (~> 0.2)
    dry-inflector (0.1.2)
    dry-logic (0.6.0)
      concurrent-ruby (~> 1.0)
      dry-core (~> 0.2)
      dry-equalizer (~> 0.2)
    dry-monitor (0.3.0)
      dry-configurable (~> 0.5)
      dry-core (~> 0.4)
      dry-equalizer (~> 0.2)
      dry-events (~> 0.1)
    dry-types (0.14.1)
      concurrent-ruby (~> 1.0)
      dry-container (~> 0.3)
      dry-core (~> 0.4, >= 0.4.4)
      dry-equalizer (~> 0.2)
      dry-inflector (~> 0.1, >= 0.1.2)
      dry-logic (~> 0.5, >= 0.5)
    dry-validation (0.13.1)
      concurrent-ruby (~> 1.0)
      dry-configurable (~> 0.1, >= 0.1.3)
      dry-core (~> 0.2, >= 0.2.1)
      dry-equalizer (~> 0.2)
      dry-logic (~> 0.5, >= 0.5.0)
      dry-types (~> 0.14.0)
    envlogic (1.1.0)
      dry-inflector (~> 0.1)
    i18n (1.6.0)
      concurrent-ruby (~> 1.0)
    king_konf (0.3.7)
    multi_json (1.13.1)
    net-scp (2.0.0)
      net-ssh (>= 2.6.5, < 6.0.0)
    net-ssh (5.2.0)
    rake (12.3.2)
    require_all (2.0.0)
    ruby-kafka (0.7.6)
      digest-crc
    sshkit (1.18.2)
      net-scp (>= 1.1.2)
      net-ssh (>= 2.8.0)
    thor (0.20.3)

PLATFORMS
  ruby

DEPENDENCIES
  capistrano-karafka!
  karafka!
  waterdrop!

BUNDLED WITH
   2.0.1
