GIT
  remote: https://github.com/karafka/karafka
  revision: cde906d60e49c0ac6e88136836418c8c417b44cc
  specs:
    karafka (1.3.0)
      dry-configurable (~> 0.8)
      dry-inflector (~> 0.1)
      dry-monitor (~> 0.3)
      dry-validation (~> 1.2)
      envlogic (~> 1.0)
      irb (~> 1.0)
      multi_json (>= 1.12)
      rake (>= 11.3)
      ruby-kafka (>= 0.7.8)
      thor (~> 0.20)
      waterdrop (~> 1.3)
      zeitwerk (~> 2.1)

GIT
  remote: https://github.com/karafka/waterdrop
  revision: 335877abd3017d0a589dad40d6673927ebe283f3
  specs:
    waterdrop (1.3.0)
      delivery_boy (~> 0.2)
      dry-configurable (~> 0.8)
      dry-monitor (~> 0.3)
      dry-validation (~> 1.2)
      ruby-kafka (>= 0.7.8)
      zeitwerk (~> 2.1)

PATH
  remote: .
  specs:
    capistrano-karafka (1.3.0)
      capistrano (>= 3.9)
      capistrano-bundler (>= 1.2)
      karafka (~> 1.3)

GEM
  remote: https://rubygems.org/
  specs:
    airbrussh (1.3.2)
      sshkit (>= 1.6.1, != 1.7.0)
    capistrano (3.11.0)
      airbrussh (>= 1.0.0)
      i18n
      rake (>= 10.0.0)
      sshkit (>= 1.9.0)
    capistrano-bundler (1.6.0)
      capistrano (~> 3.1)
    concurrent-ruby (1.1.5)
    delivery_boy (0.2.7)
      king_konf (~> 0.2)
      ruby-kafka (~> 0.5)
    digest-crc (0.4.1)
    dry-configurable (0.8.3)
      concurrent-ruby (~> 1.0)
      dry-core (~> 0.4, >= 0.4.7)
    dry-container (0.7.2)
      concurrent-ruby (~> 1.0)
      dry-configurable (~> 0.1, >= 0.1.3)
    dry-core (0.4.8)
      concurrent-ruby (~> 1.0)
    dry-equalizer (0.2.2)
    dry-events (0.2.0)
      concurrent-ruby (~> 1.0)
      dry-core (~> 0.4)
      dry-equalizer (~> 0.2)
    dry-inflector (0.1.2)
    dry-initializer (3.0.1)
    dry-logic (1.0.2)
      concurrent-ruby (~> 1.0)
      dry-core (~> 0.2)
      dry-equalizer (~> 0.2)
    dry-monitor (0.3.1)
      dry-configurable (~> 0.5)
      dry-core (~> 0.4)
      dry-equalizer (~> 0.2)
      dry-events (~> 0.1)
    dry-schema (1.3.1)
      concurrent-ruby (~> 1.0)
      dry-configurable (~> 0.8, >= 0.8.3)
      dry-core (~> 0.4)
      dry-equalizer (~> 0.2)
      dry-initializer (~> 3.0)
      dry-logic (~> 1.0)
      dry-types (~> 1.0)
    dry-types (1.1.0)
      concurrent-ruby (~> 1.0)
      dry-container (~> 0.3)
      dry-core (~> 0.4, >= 0.4.4)
      dry-equalizer (~> 0.2, >= 0.2.2)
      dry-inflector (~> 0.1, >= 0.1.2)
      dry-logic (~> 1.0, >= 1.0.2)
    dry-validation (1.2.1)
      concurrent-ruby (~> 1.0)
      dry-container (~> 0.7, >= 0.7.1)
      dry-core (~> 0.4)
      dry-equalizer (~> 0.2)
      dry-initializer (~> 3.0)
      dry-schema (~> 1.0, >= 1.3.1)
    envlogic (1.1.0)
      dry-inflector (~> 0.1)
    i18n (1.6.0)
      concurrent-ruby (~> 1.0)
    irb (1.0.0)
    king_konf (0.3.7)
    multi_json (1.13.1)
    net-scp (2.0.0)
      net-ssh (>= 2.6.5, < 6.0.0)
    net-ssh (5.2.0)
    rake (12.3.3)
    ruby-kafka (0.7.9)
      digest-crc
    sshkit (1.19.1)
      net-scp (>= 1.1.2)
      net-ssh (>= 2.8.0)
    thor (0.20.3)
    zeitwerk (2.1.9)

PLATFORMS
  ruby

DEPENDENCIES
  capistrano-karafka!
  karafka!
  waterdrop!

BUNDLED WITH
   2.0.2
